GEM
  remote: https://rubygems.org/
  specs:
    CFPropertyList (2.3.5)
    archive-zip (0.7.0)
      io-like (~> 0.3.0)
    awesome_print (1.8.0)
    builder (3.2.2)
    calabash-android (0.9.0)
      awesome_print (~> 1.2)
      cucumber
      escape (~> 0.0.4)
      httpclient (>= 2.7.1, < 3.0)
      json (~> 1.8)
      luffa
      rubyzip (~> 1.1)
      slowhandcuke (~> 0.0.3)
    calabash-cucumber (0.21.2)
      awesome_print
      bundler (~> 1.3)
      clipboard (~> 1.0)
      cucumber
      edn (>= 1.0.6, < 2.0)
      geocoder (>= 1.1.8, < 2.0)
      httpclient (>= 2.7.1, < 3.0)
      json
      run_loop (>= 2.6.1, < 3.0)
      slowhandcuke (~> 0.0.3)
    childprocess (0.5.9)
      ffi (~> 1.0, >= 1.0.11)
    clipboard (1.1.1)
    command_runner_ng (0.1.3)
    concurrent-ruby (1.0.5)
    cucumber (2.4.0)
      builder (>= 2.1.2)
      cucumber-core (~> 1.5.0)
      cucumber-wire (~> 0.0.1)
      diff-lcs (>= 1.1.3)
      gherkin (~> 4.0)
      multi_json (>= 1.7.5, < 2.0)
      multi_test (>= 0.1.2)
    cucumber-core (1.5.0)
      gherkin (~> 4.0)
    cucumber-wire (0.0.1)
    diff-lcs (1.2.5)
    edn (1.1.1)
    escape (0.0.4)
    ffi (1.9.14)
    geckodriver-helper (0.0.4)
      archive-zip (~> 0.7.0)
    geocoder (1.4.4)
    gherkin (4.0.0)
    headless (2.2.0)
    httpclient (2.8.3)
    i18n (0.9.1)
      concurrent-ruby (~> 1.0)
    io-like (0.3.0)
    json (1.8.3)
    luffa (2.0.0)
      awesome_print (~> 1.2)
      json (~> 1.8)
      retriable (>= 1.3.3.1, < 2.1)
      thor (~> 0.19)
    mail (2.6.4)
      mime-types (>= 1.16, < 4)
    mime-types (3.1)
      mime-types-data (~> 3.2015)
    mime-types-data (3.2016.0521)
    multi_json (1.12.1)
    multi_test (0.1.2)
    net-ssh (3.2.0)
    parallel (1.12.0)
    parallel_tests (2.13.0)
      parallel
    retriable (2.0.2)
    rubyzip (1.2.0)
    run_loop (2.6.2)
      CFPropertyList (~> 2.2)
      awesome_print (~> 1.2)
      command_runner_ng (>= 0.0.2)
      httpclient (>= 2.7.1, < 3.0)
      i18n (>= 0.7.0, < 1.0)
      json (~> 1.8)
      thor (>= 0.18.1, < 1.0)
    selenium-webdriver (3.5.1)
      childprocess (~> 0.5)
      rubyzip (~> 1.0)
    slowhandcuke (0.0.3)
      cucumber
    thor (0.20.0)
    watir (6.8.4)
      selenium-webdriver (~> 3.4, >= 3.4.1)
    watir-scroll (0.3.0)
      watir (>= 6.0)
    websocket (1.2.3)

PLATFORMS
  ruby

DEPENDENCIES
  builder (= 3.2.2)
  calabash-android
  calabash-cucumber
  childprocess (= 0.5.9)
  cucumber (= 2.4.0)
  cucumber-core (= 1.5.0)
  cucumber-wire (= 0.0.1)
  diff-lcs (= 1.2.5)
  ffi (= 1.9.14)
  geckodriver-helper
  gherkin (= 4.0.0)
  headless (= 2.2.0)
  json (= 1.8.3)
  mail (= 2.6.4)
  multi_json (= 1.12.1)
  multi_test (= 0.1.2)
  net-ssh (= 3.2.0)
  parallel_tests (= 2.13.0)
  rubyzip (= 1.2.0)
  selenium-webdriver (= 3.5.1)
  watir (= 6.8.4)
  watir-scroll (= 0.3.0)
  websocket (= 1.2.3)

BUNDLED WITH
   1.16.0
